GEM
  remote: https://rubygems.org/
  specs:
    poseidon (0.0.5)

PLATFORMS
  x86_64-linux

DEPENDENCIES
  poseidon (= 0.0.5)

BUNDLED WITH
   2.4.6
